GEM
  remote: https://rubygems.org/
  specs:
    json (2.6.3)
    webrick (1.8.1)

PLATFORMS
  x86_64-linux

DEPENDENCIES
  json
  webrick

BUNDLED WITH
   2.4.10
